GEM
  remote: https://rubygems.org/
  specs:
    actionpack (8.0.3)
      actionview (= 8.0.3)
      activesupport (= 8.0.3)
      nokogiri (>= 1.8.5)
      rack (>= 2.2.4)
      rack-session (>= 1.0.1)
      rack-test (>= 0.6.3)
      rails-dom-testing (~> 2.2)
      rails-html-sanitizer (~> 1.6)
      useragent (~> 0.16)
    actionview (8.0.3)
      activesupport (= 8.0.3)
      builder (~> 3.1)
      erubi (~> 1.11)
      rails-dom-testing (~> 2.2)
      rails-html-sanitizer (~> 1.6)
    activemodel (8.0.3)
      activesupport (= 8.0.3)
    activerecord (8.0.3)
      activemodel (= 8.0.3)
      activesupport (= 8.0.3)
      timeout (>= 0.4.0)
    activesupport (8.0.3)
      base64
      benchmark (>= 0.3)
      bigdecimal
      concurrent-ruby (~> 1.0, >= 1.3.1)
      connection_pool (>= 2.2.5)
      drb
      i18n (>= 1.6, < 2)
      logger (>= 1.4.2)
      minitest (>= 5.1)
      securerandom (>= 0.3)
      tzinfo (~> 2.0, >= 2.0.5)
      uri (>= 0.13.1)
    addressable (2.8.7)
      public_suffix (>= 2.0.2, < 7.0)
    appsignal (4.7.5)
      logger
      rack (>= 2.0.0)
    base64 (0.3.0)
    benchmark (0.5.0)
    bigdecimal (3.3.1)
    bootsnap (1.18.6)
      msgpack (~> 1.2)
    bootstrap (5.3.5)
      popper_js (>= 2.11.8, < 3)
    bootstrap-icons (1.0.15)
      nokogiri (~> 1)
    builder (3.3.0)
    chartkick (5.2.1)
    concurrent-ruby (1.3.5)
    connection_pool (2.5.4)
    crack (1.0.1)
      bigdecimal
      rexml
    crass (1.0.6)
    date (3.4.1)
    drb (2.2.3)
    erb (5.1.1)
    erubi (1.13.1)
    ethon (0.17.0)
      ffi (>= 1.15.0)
    faraday (2.14.0)
      faraday-net_http (>= 2.0, < 3.5)
      json
      logger
    faraday-net_http (3.4.1)
      net-http (>= 0.5.0)
    faraday-typhoeus (1.1.0)
      faraday (~> 2.0)
      typhoeus (~> 1.4)
    ffi (1.17.2-aarch64-linux-musl)
    ffi (1.17.2-arm-linux-gnu)
    ffi (1.17.2-arm-linux-musl)
    ffi (1.17.2-arm64-darwin)
    ffi (1.17.2-x86_64-linux-gnu)
    ffi (1.17.2-x86_64-linux-musl)
    google-protobuf (4.33.0)
      bigdecimal
      rake (>= 13)
    google-protobuf (4.33.0-aarch64-linux-musl)
      bigdecimal
      rake (>= 13)
    google-protobuf (4.33.0-arm64-darwin)
      bigdecimal
      rake (>= 13)
    google-protobuf (4.33.0-x86_64-linux-gnu)
      bigdecimal
      rake (>= 13)
    google-protobuf (4.33.0-x86_64-linux-musl)
      bigdecimal
      rake (>= 13)
    hashdiff (1.2.1)
    i18n (1.14.7)
      concurrent-ruby (~> 1.0)
    io-console (0.8.1)
    irb (1.15.2)
      pp (>= 0.6.0)
      rdoc (>= 4.0.0)
      reline (>= 0.4.2)
    jbuilder (2.14.1)
      actionview (>= 7.0.0)
      activesupport (>= 7.0.0)
    json (2.15.2)
    local_time (2.1.0)
    logger (1.7.0)
    loofah (2.24.1)
      crass (~> 1.0.2)
      nokogiri (>= 1.12.0)
    minitest (5.26.0)
    mocha (2.7.1)
      ruby2_keywords (>= 0.0.5)
    msgpack (1.8.0)
    net-http (0.6.0)
      uri
    nio4r (2.7.4)
    nokogiri (1.18.10-aarch64-linux-musl)
      racc (~> 1.4)
    nokogiri (1.18.10-arm-linux-gnu)
      racc (~> 1.4)
    nokogiri (1.18.10-arm-linux-musl)
      racc (~> 1.4)
    nokogiri (1.18.10-arm64-darwin)
      racc (~> 1.4)
    nokogiri (1.18.10-x86_64-linux-gnu)
      racc (~> 1.4)
    nokogiri (1.18.10-x86_64-linux-musl)
      racc (~> 1.4)
    octicons (19.19.0)
    octicons_helper (19.19.0)
      actionview
      octicons (= 19.19.0)
      railties
    oj (3.16.11)
      bigdecimal (>= 3.0)
      ostruct (>= 0.2)
    open-uri (0.5.0)
      stringio
      time
      uri
    ostruct (0.6.3)
    pagy (9.4.0)
    pg (1.6.2)
    pg (1.6.2-aarch64-linux-musl)
    pg (1.6.2-arm64-darwin)
    pg (1.6.2-x86_64-linux)
    pg (1.6.2-x86_64-linux-musl)
    pg_query (6.1.0)
      google-protobuf (>= 3.25.3)
    pghero (3.7.0)
      activerecord (>= 7.1)
    popper_js (2.11.8)
    pp (0.6.3)
      prettyprint
    prettyprint (0.2.0)
    psych (5.2.6)
      date
      stringio
    public_suffix (6.0.2)
    puma (7.1.0)
      nio4r (~> 2.0)
    racc (1.8.1)
    rack (3.2.3)
    rack-cors (3.0.0)
      logger
      rack (>= 3.0.14)
    rack-session (2.1.1)
      base64 (>= 0.1.0)
      rack (>= 3.0.0)
    rack-test (2.2.0)
      rack (>= 1.3)
    rackup (2.2.1)
      rack (>= 3)
    rails-controller-testing (1.0.5)
      actionpack (>= 5.0.1.rc1)
      actionview (>= 5.0.1.rc1)
      activesupport (>= 5.0.1.rc1)
    rails-dom-testing (2.3.0)
      activesupport (>= 5.0.0)
      minitest
      nokogiri (>= 1.6)
    rails-html-sanitizer (1.6.2)
      loofah (~> 2.21)
      nokogiri (>= 1.15.7, != 1.16.7, != 1.16.6, != 1.16.5, != 1.16.4, != 1.16.3, != 1.16.2, != 1.16.1, != 1.16.0.rc1, != 1.16.0)
    railties (8.0.3)
      actionpack (= 8.0.3)
      activesupport (= 8.0.3)
      irb (~> 1.13)
      rackup (>= 1.0.0)
      rake (>= 12.2)
      thor (~> 1.0, >= 1.2.2)
      tsort (>= 0.2)
      zeitwerk (~> 2.6)
    rake (13.3.0)
    rdoc (6.15.0)
      erb
      psych (>= 4.0.0)
      tsort
    reline (0.6.2)
      io-console (~> 0.5)
    rexml (3.4.4)
    rswag-api (2.16.0)
      activesupport (>= 5.2, < 8.1)
      railties (>= 5.2, < 8.1)
    rswag-ui (2.16.0)
      actionpack (>= 5.2, < 8.1)
      railties (>= 5.2, < 8.1)
    ruby2_keywords (0.0.5)
    sassc (2.4.0)
      ffi (~> 1.9)
    sassc-rails (2.1.2)
      railties (>= 4.0.0)
      sassc (>= 2.0)
      sprockets (> 3.0)
      sprockets-rails
      tilt
    secure_headers (7.1.0)
    securerandom (0.4.1)
    shoulda (4.0.0)
      shoulda-context (~> 2.0)
      shoulda-matchers (~> 4.0)
    shoulda-context (2.0.0)
    shoulda-matchers (4.5.1)
      activesupport (>= 4.2.0)
    sprockets (4.2.2)
      concurrent-ruby (~> 1.0)
      logger
      rack (>= 2.2.4, < 4)
    sprockets-rails (3.5.2)
      actionpack (>= 6.1)
      activesupport (>= 6.1)
      sprockets (>= 3.0.0)
    stringio (3.1.7)
    thor (1.4.0)
    tilt (2.6.1)
    time (0.4.1)
      date
    timeout (0.4.3)
    tsort (0.2.0)
    typhoeus (1.4.1)
      ethon (>= 0.9.0)
    tzinfo (2.0.6)
      concurrent-ruby (~> 1.0)
    uri (1.0.4)
    useragent (0.16.11)
    webmock (3.26.0)
      addressable (>= 2.8.0)
      crack (>= 0.3.2)
      hashdiff (>= 0.4.0, < 2.0.0)
    zeitwerk (2.7.3)

PLATFORMS
  aarch64-linux-musl
  arm-linux-gnu
  arm-linux-musl
  arm64-darwin
  x86_64-linux
  x86_64-linux-musl

DEPENDENCIES
  actionpack (~> 8.0.0)
  actionview (~> 8.0.0)
  activemodel (~> 8.0.0)
  activerecord (~> 8.0.0)
  activesupport (~> 8.0.0)
  appsignal
  bootsnap
  bootstrap (~> 5.3.1)
  bootstrap-icons
  chartkick
  faraday-typhoeus
  google-protobuf
  jbuilder
  local_time (= 2.1.0)
  mocha
  nokogiri
  octicons_helper
  oj
  open-uri
  ostruct
  pagy
  pg
  pg_query
  pghero
  puma
  rack-cors
  rails-controller-testing
  railties (~> 8.0.0)
  rswag-api
  rswag-ui
  sassc-rails
  secure_headers
  shoulda
  sprockets-rails
  webmock

CHECKSUMS
  actionpack (8.0.3) sha256=d63c21cb109e0529d785ffdb657a092928890327c5c8ea2e46f63b6751be5ad3
  actionview (8.0.3) sha256=5171946ff07d1e95bf3d805ad9425a89040a013dea11bb1f4cf604f108b1ce66
  activemodel (8.0.3) sha256=406907245a1c6c04cdf2187cc4590fdc081d7a07392123d322125677022ea67c
  activerecord (8.0.3) sha256=9b95c63b2ae9ccb57bb15db730300fdd02af387e12474eb9002a668acab3cea8
  activesupport (8.0.3) sha256=a711ce5e30660b23232f26a38699469f8d859d47aa1f722e183fda6d7cc17823
  addressable (2.8.7) sha256=462986537cf3735ab5f3c0f557f14155d778f4b43ea4f485a9deb9c8f7c58232
  appsignal (4.7.5) sha256=bfbf741ca742e2d4bf33766ca281f35aa6750819d73fd59d34d11415e4cab494
  base64 (0.3.0) sha256=27337aeabad6ffae05c265c450490628ef3ebd4b67be58257393227588f5a97b
  benchmark (0.5.0) sha256=465df122341aedcb81a2a24b4d3bd19b6c67c1530713fd533f3ff034e419236c
  bigdecimal (3.3.1) sha256=eaa01e228be54c4f9f53bf3cc34fe3d5e845c31963e7fcc5bedb05a4e7d52218
  bootsnap (1.18.6) sha256=0ae2393c1e911e38be0f24e9173e7be570c3650128251bf06240046f84a07d00
  bootstrap (5.3.5) sha256=d57c9b7a21eaf2182c32fe93d1c0eaa0e1ebe82c46676c5a1fd66dd3a6ac41f8
  bootstrap-icons (1.0.15) sha256=4a19c2360f88263c1606235813b8575ff3d6c0773174ed4ceb368628e5541ae9
  builder (3.3.0) sha256=497918d2f9dca528fdca4b88d84e4ef4387256d984b8154e9d5d3fe5a9c8835f
  chartkick (5.2.1) sha256=2848d7de87189f30f28d077eb0bbdebc8a1f0f6f81de1ded95008fe564369949
  concurrent-ruby (1.3.5) sha256=813b3e37aca6df2a21a3b9f1d497f8cbab24a2b94cab325bffe65ee0f6cbebc6
  connection_pool (2.5.4) sha256=e9e1922327416091f3f6542f5f4446c2a20745276b9aa796dd0bb2fd0ea1e70a
  crack (1.0.1) sha256=ff4a10390cd31d66440b7524eb1841874db86201d5b70032028553130b6d4c7e
  crass (1.0.6) sha256=dc516022a56e7b3b156099abc81b6d2b08ea1ed12676ac7a5657617f012bd45d
  date (3.4.1) sha256=bf268e14ef7158009bfeaec40b5fa3c7271906e88b196d958a89d4b408abe64f
  drb (2.2.3) sha256=0b00d6fdb50995fe4a45dea13663493c841112e4068656854646f418fda13373
  erb (5.1.1) sha256=b2c26e7924551d9efbae998e17ddbef220937b6422b1d2ec7ae71417b5a1f4ec
  erubi (1.13.1) sha256=a082103b0885dbc5ecf1172fede897f9ebdb745a4b97a5e8dc63953db1ee4ad9
  ethon (0.17.0) sha256=2a467db7620243af86aaf146aaa5b2cb7228a5646a013d8558cd240f7cf6e3b4
  faraday (2.14.0) sha256=8699cfe5d97e55268f2596f9a9d5a43736808a943714e3d9a53e6110593941cd
  faraday-net_http (3.4.1) sha256=095757fae7872b94eac839c08a1a4b8d84fd91d6886cfbe75caa2143de64ab3b
  faraday-typhoeus (1.1.0) sha256=24c6147c213818dde3ebc50ae47ab92f9a7e554903aa362707126f749c6890e7
  ffi (1.17.2-aarch64-linux-musl) sha256=69e6556b091d45df83e6c3b19d3c54177c206910965155a6ec98de5e893c7b7c
  ffi (1.17.2-arm-linux-gnu) sha256=d4a438f2b40224ae42ec72f293b3ebe0ba2159f7d1bd47f8417e6af2f68dbaa5
  ffi (1.17.2-arm-linux-musl) sha256=977dfb7f3a6381206dbda9bc441d9e1f9366bf189a634559c3b7c182c497aaa3
  ffi (1.17.2-arm64-darwin) sha256=54dd9789be1d30157782b8de42d8f887a3c3c345293b57ffb6b45b4d1165f813
  ffi (1.17.2-x86_64-linux-gnu) sha256=05d2026fc9dbb7cfd21a5934559f16293815b7ce0314846fee2ac8efbdb823ea
  ffi (1.17.2-x86_64-linux-musl) sha256=97c0eb3981414309285a64dc4d466bd149e981c279a56371ef811395d68cb95c
  google-protobuf (4.33.0) sha256=a4918b45bea5889c38fb82da83a5175209600f9c17fb1698be30d635696b3526
  google-protobuf (4.33.0-aarch64-linux-musl) sha256=a9440136805b61e2d22b3c89d68c852861bc523da721bb763b25ce896638cb83
  google-protobuf (4.33.0-arm64-darwin) sha256=def1bc3b176785cf9cc806db5d392ff6c66fcaa1ce1da7dbfa3c1f5f4613fb97
  google-protobuf (4.33.0-x86_64-linux-gnu) sha256=02782270835a6ee35e6abdba478614c8664c9cb793e574cebf4bbf16467479ca
  google-protobuf (4.33.0-x86_64-linux-musl) sha256=16ea36bb0ac3e4a734c22fec5deee0985417520d7013b2cd1be1e395b029204a
  hashdiff (1.2.1) sha256=9c079dbc513dfc8833ab59c0c2d8f230fa28499cc5efb4b8dd276cf931457cd1
  i18n (1.14.7) sha256=ceba573f8138ff2c0915427f1fc5bdf4aa3ab8ae88c8ce255eb3ecf0a11a5d0f
  io-console (0.8.1) sha256=1e15440a6b2f67b6ea496df7c474ed62c860ad11237f29b3bd187f054b925fcb
  irb (1.15.2) sha256=222f32952e278da34b58ffe45e8634bf4afc2dc7aa9da23fed67e581aa50fdba
  jbuilder (2.14.1) sha256=4eb26376ff60ef100cb4fd6fd7533cd271f9998327e86adf20fd8c0e69fabb42
  json (2.15.2) sha256=1068e1d966d2d0dcaf953eaed09c2d30e4104c64c1e3140c435d17be08d1fa27
  local_time (2.1.0) sha256=cd3636575d9b499f33ab53e1b38feb37dbfe1f57be58aad6e702061d4f12c5a4
  logger (1.7.0) sha256=196edec7cc44b66cfb40f9755ce11b392f21f7967696af15d274dde7edff0203
  loofah (2.24.1) sha256=655a30842b70ec476410b347ab1cd2a5b92da46a19044357bbd9f401b009a337
  minitest (5.26.0) sha256=f5817ad09f863a4f7eac917707c1ca5c09cdc4a35e17d91171760178324d2c30
  mocha (2.7.1) sha256=8f7d538d5d3ebc75fc788b3d92fbab913a93a78462d2a3ce99d1bdde7af7f851
  msgpack (1.8.0) sha256=e64ce0212000d016809f5048b48eb3a65ffb169db22238fb4b72472fecb2d732
  net-http (0.6.0) sha256=9621b20c137898af9d890556848c93603716cab516dc2c89b01a38b894e259fb
  nio4r (2.7.4) sha256=d95dee68e0bb251b8ff90ac3423a511e3b784124e5db7ff5f4813a220ae73ca9
  nokogiri (1.18.10-aarch64-linux-musl) sha256=7e74e58314297cc8a8f1b533f7212d1999dbe2639a9ee6d97b483ea2acc18944
  nokogiri (1.18.10-arm-linux-gnu) sha256=51f4f25ab5d5ba1012d6b16aad96b840a10b067b93f35af6a55a2c104a7ee322
  nokogiri (1.18.10-arm-linux-musl) sha256=1c6ea754e51cecc85c30ee8ab1e6aa4ce6b6e134d01717e9290e79374a9e00aa
  nokogiri (1.18.10-arm64-darwin) sha256=c2b0de30770f50b92c9323fa34a4e1cf5a0af322afcacd239cd66ee1c1b22c85
  nokogiri (1.18.10-x86_64-linux-gnu) sha256=ff5ba26ba2dbce5c04b9ea200777fd225061d7a3930548806f31db907e500f72
  nokogiri (1.18.10-x86_64-linux-musl) sha256=0651fccf8c2ebbc2475c8b1dfd7ccac3a0a6d09f8a41b72db8c21808cb483385
  octicons (19.19.0) sha256=8b3dee27aebee1d6c3d36d3020541e7e1f0047907907f0b95f29d234e8d376d9
  octicons_helper (19.19.0) sha256=729f40cea84e6e8e6f5941d04d27291d38d6bb8db78c259218dfb43810d16854
  oj (3.16.11) sha256=2aab609d2bc896529bd3c70d737f591c13932a640ba6164a0f7e414efdb052b1
  open-uri (0.5.0) sha256=7b4f06fdac39e6946aed15a8da82531580882fbbec80438adcb7c30d388887ca
  ostruct (0.6.3) sha256=95a2ed4a4bd1d190784e666b47b2d3f078e4a9efda2fccf18f84ddc6538ed912
  pagy (9.4.0) sha256=db3f2e043f684155f18f78be62a81e8d033e39b9f97b1e1a8d12ad38d7bce738
  pg (1.6.2) sha256=58614afd405cc9c2c9e15bffe8432e0d6cfc58b722344ad4a47c73a85189c875
  pg (1.6.2-aarch64-linux-musl) sha256=c4402447c56279bea80472770522e95c8a2ff49b7f3e534d0cdb01eb27fd6eb8
  pg (1.6.2-arm64-darwin) sha256=4d44500b28d5193b26674583d199a6484f80f1f2ea9cf54f7d7d06a1b7e316b6
  pg (1.6.2-x86_64-linux) sha256=525f438137f2d1411a1ebcc4208ec35cb526b5a3b285a629355c73208506a8ea
  pg (1.6.2-x86_64-linux-musl) sha256=e5c8668ffeaf7a9c3458a3dcb002dffa6d8ee1fca9ae534ffef861d2b15644ca
  pg_query (6.1.0) sha256=8b005229e209f12c5887c34c60d0eb2a241953b9475b53a9840d24578532481e
  pghero (3.7.0) sha256=a8d8497095dbe168bb03fe50a11309ab068cd1c1ef4c88d9bbeb97be4809f522
  popper_js (2.11.8) sha256=f4b0be717fc0d50bdb3dbbc55788525a9e0e8f640b76c9971fc34ee609eadbd2
  pp (0.6.3) sha256=2951d514450b93ccfeb1df7d021cae0da16e0a7f95ee1e2273719669d0ab9df6
  prettyprint (0.2.0) sha256=2bc9e15581a94742064a3cc8b0fb9d45aae3d03a1baa6ef80922627a0766f193
  psych (5.2.6) sha256=814328aa5dcb6d604d32126a20bc1cbcf05521a5b49dbb1a8b30a07e580f316e
  public_suffix (6.0.2) sha256=bfa7cd5108066f8c9602e0d6d4114999a5df5839a63149d3e8b0f9c1d3558394
  puma (7.1.0) sha256=e45c10cb124f224d448c98db653a75499794edbecadc440ad616cf50f2fd49dd
  racc (1.8.1) sha256=4a7f6929691dbec8b5209a0b373bc2614882b55fc5d2e447a21aaa691303d62f
  rack (3.2.3) sha256=239a373da6584574f25f042d8ed4ba21e691c9799f1d2b5c8920bbbc23ca3d41
  rack-cors (3.0.0) sha256=7b95be61db39606906b61b83bd7203fa802b0ceaaad8fcb2fef39e097bf53f68
  rack-session (2.1.1) sha256=0b6dc07dea7e4b583f58a48e8b806d4c9f1c6c9214ebc202ec94562cbea2e4e9
  rack-test (2.2.0) sha256=005a36692c306ac0b4a9350355ee080fd09ddef1148a5f8b2ac636c720f5c463
  rackup (2.2.1) sha256=f737191fd5c5b348b7f0a4412a3b86383f88c43e13b8217b63d4c8d90b9e798d
  rails-controller-testing (1.0.5) sha256=741448db59366073e86fc965ba403f881c636b79a2c39a48d0486f2607182e94
  rails-dom-testing (2.3.0) sha256=8acc7953a7b911ca44588bf08737bc16719f431a1cc3091a292bca7317925c1d
  rails-html-sanitizer (1.6.2) sha256=35fce2ca8242da8775c83b6ba9c1bcaad6751d9eb73c1abaa8403475ab89a560
  railties (8.0.3) sha256=ace31dcad7134299a64d6d96310d76d32868756e58e2983e25b121acd457f1d2
  rake (13.3.0) sha256=96f5092d786ff412c62fde76f793cc0541bd84d2eb579caa529aa8a059934493
  rdoc (6.15.0) sha256=0f0e68864969e77c2acd4063a9585baa5216d362701d827a93feaa9cbae78b05
  reline (0.6.2) sha256=1dad26a6008872d59c8e05244b119347c9f2ddaf4a53dce97856cd5f30a02846
  rexml (3.4.4) sha256=19e0a2c3425dfbf2d4fc1189747bdb2f849b6c5e74180401b15734bc97b5d142
  rswag-api (2.16.0) sha256=b653f7bd92e98be18b01ab4525d88950d7b0960e293a99f856b9efcee3ae6074
  rswag-ui (2.16.0) sha256=a1f49e927dceda92e6e6e7c1000f1e217ee66c565f69e28131dc98b33cd3a04f
  ruby2_keywords (0.0.5) sha256=ffd13740c573b7301cf7a2e61fc857b2a8e3d3aff32545d6f8300d8bae10e3ef
  sassc (2.4.0) sha256=4c60a2b0a3b36685c83b80d5789401c2f678c1652e3288315a1551d811d9f83e
  sassc-rails (2.1.2) sha256=5f4fdf3881fc9bdc8e856ffbd9850d70a2878866feae8114aa45996179952db5
  secure_headers (7.1.0) sha256=6b1f9d5f9507af2948f4636452c41c09371927836396c2185438ffdf0a731124
  securerandom (0.4.1) sha256=cc5193d414a4341b6e225f0cb4446aceca8e50d5e1888743fac16987638ea0b1
  shoulda (4.0.0) sha256=e677218c432eaa102a173e7047fbcf396ebc8ccea467725ba4e6053bc9e09c0a
  shoulda-context (2.0.0) sha256=7adf45342cd800f507d2a053658cb1cce2884b616b26004d39684b912ea32c34
  shoulda-matchers (4.5.1) sha256=8d06e2bbb5b22aa170333905fcf23b7388d1baa9485895b0a2b80210e97f27e2
  sprockets (4.2.2) sha256=761e5a49f1c288704763f73139763564c845a8f856d52fba013458f8af1b59b1
  sprockets-rails (3.5.2) sha256=a9e88e6ce9f8c912d349aa5401509165ec42326baf9e942a85de4b76dbc4119e
  stringio (3.1.7) sha256=5b78b7cb242a315fb4fca61a8255d62ec438f58da2b90be66048546ade4507fa
  thor (1.4.0) sha256=8763e822ccb0f1d7bee88cde131b19a65606657b847cc7b7b4b82e772bcd8a3d
  tilt (2.6.1) sha256=35a99bba2adf7c1e362f5b48f9b581cce4edfba98117e34696dde6d308d84770
  time (0.4.1) sha256=035f360508a4a4dbabcbbcd3886566b9abd432de89136795d2ff7aec5bcdea61
  timeout (0.4.3) sha256=9509f079b2b55fe4236d79633bd75e34c1c1e7e3fb4b56cb5fda61f80a0fe30e
  tsort (0.2.0) sha256=9650a793f6859a43b6641671278f79cfead60ac714148aabe4e3f0060480089f
  typhoeus (1.4.1) sha256=1c17db8364bd45ab302dc61e460173c3e69835896be88a3df07c206d5c55ef7c
  tzinfo (2.0.6) sha256=8daf828cc77bcf7d63b0e3bdb6caa47e2272dcfaf4fbfe46f8c3a9df087a829b
  uri (1.0.4) sha256=34485d137c079f8753a0ca1d883841a7ba2e5fae556e3c30c2aab0dde616344b
  useragent (0.16.11) sha256=700e6413ad4bb954bb63547fa098dddf7b0ebe75b40cc6f93b8d54255b173844
  webmock (3.26.0) sha256=cd28cdbc0d5d65e9d011a5c0e98373df5898565038f589060971cfb9c60c3d70
  zeitwerk (2.7.3) sha256=b2e86b4a9b57d26ba68a15230dcc7fe6f040f06831ce64417b0621ad96ba3e85

RUBY VERSION
   ruby 3.4.7p58

BUNDLED WITH
   2.7.2
